GEM
  remote: https://rubygems.org/
  specs:
    activesupport (7.1.3)
      base64
      bigdecimal
      concurrent-ruby (~> 1.0, >= 1.0.2)
      connection_pool (>= 2.2.5)
      drb
      i18n (>= 1.6, < 2)
      minitest (>= 5.1)
      mutex_m
      tzinfo (~> 2.0)
    addressable (2.8.6)
      public_suffix (>= 2.0.2, < 6.0)
    base64 (0.2.0)
    bigdecimal (3.1.6)
    colored2 (3.1.2)
    concurrent-ruby (1.2.3)
    connection_pool (2.4.1)
    down (5.4.1)
      addressable (~> 2.8)
    drb (2.2.0)
      ruby2_keywords
    hamster (3.0.0)
      concurrent-ruby (~> 1.0)
    i18n (1.14.1)
      concurrent-ruby (~> 1.0)
    immutable-struct (2.4.1)
    lino (3.1.0)
      hamster (~> 3.0)
      open4 (~> 1.3)
    minitar (0.9)
    minitest (5.21.2)
    mutex_m (0.2.0)
    open4 (1.3.4)
    public_suffix (5.0.4)
    rake (13.1.0)
    rake_dependencies (3.5.0)
      down (~> 5.3)
      hamster (~> 3.0)
      minitar (~> 0.9)
      rake_factory (~> 0.23)
      rubyzip (>= 1.3)
    rake_factory (0.31.0)
      activesupport (>= 4)
      rake (~> 13.0)
    rake_npm (0.1.0.pre.15)
      colored2 (~> 3.1)
      rake_dependencies (~> 3.1)
      rake_factory (~> 0.23)
      ruby_npm (= 0.1.0.pre.7)
    ruby2_keywords (0.0.5)
    ruby_npm (0.1.0.pre.7)
      immutable-struct (~> 2.4)
      lino (~> 3.0)
    rubyzip (2.3.2)
    tzinfo (2.0.6)
      concurrent-ruby (~> 1.0)

PLATFORMS
  arm64-darwin-23
  ruby

DEPENDENCIES
  rake (~> 13.0)
  rake_npm (~> 0.1.0.pre.15)

BUNDLED WITH
   2.5.5
